GEM
  remote: https://rubygems.org/
  specs:
    envyable (1.2.0)
      thor (>= 0.18.1, < 2.0)
    foreman (0.84.0)
      thor (~> 0.19.1)
    mustermann (1.0.0)
    rack (2.0.3)
    rack-protection (2.0.0)
      rack
    sinatra (2.0.0)
      mustermann (~> 1.0)
      rack (~> 2.0)
      rack-protection (= 2.0.0)
      tilt (~> 2.0)
    thor (0.19.4)
    tilt (2.0.8)

PLATFORMS
  ruby

DEPENDENCIES
  envyable
  foreman
  rack
  sinatra

BUNDLED WITH
   1.15.1
